GEM
  remote: https://rubygems.org/
  specs:
    daemons (1.1.9)
    dalli (1.0.5)
    diff-lcs (1.1.3)
    eventmachine (1.0.0)
    ezcrypto (0.7.2)
    newrelic_rpm (3.5.6.55)
    rack (1.5.2)
    rack-protection (1.3.2)
      rack
    rack-test (0.6.2)
      rack (>= 1.0)
    rspec (2.12.0)
      rspec-core (~> 2.12.0)
      rspec-expectations (~> 2.12.0)
      rspec-mocks (~> 2.12.0)
    rspec-core (2.12.2)
    rspec-expectations (2.12.1)
      diff-lcs (~> 1.1.3)
    rspec-mocks (2.12.2)
    sinatra (1.3.4)
      rack (~> 1.4)
      rack-protection (~> 1.3)
      tilt (~> 1.3, >= 1.3.3)
    thin (1.5.0)
      daemons (>= 1.0.9)
      eventmachine (>= 0.12.6)
      rack (>= 1.0.0)
    tilt (1.3.3)

PLATFORMS
  ruby

DEPENDENCIES
  dalli (~> 1.0.5)
  ezcrypto
  newrelic_rpm
  rack-test
  rspec
  sinatra
  thin
